GEM
  remote: http://rubygems.org/
  specs:
    clockwork (0.4.1)
      tzinfo
    tzinfo (0.3.35)

PLATFORMS
  ruby

DEPENDENCIES
  clockwork
