GEM
  remote: https://rubygems.org/
  specs:
    clockwork (0.5.0)
      tzinfo (~> 0.3.35)
    tzinfo (0.3.37)

PLATFORMS
  ruby

DEPENDENCIES
  clockwork
